GIT
  remote: git://github.com/gr2m/rocco.git
  revision: b7135ff4fa6c3cac2f0c303fc0ea817fecbb5ee5
  specs:
    rocco (0.5)
      mustache
      rdiscount

GEM
  remote: http://rubygems.org/
  specs:
    mustache (0.98.0)
    rdiscount (1.6.8)

PLATFORMS
  ruby

DEPENDENCIES
  rdiscount
  rocco!
