GIT
  remote: git://github.com/gr2m/rocco.git
  revision: b7135ff4fa6c3cac2f0c303fc0ea817fecbb5ee5
  specs:
    rocco (0.5)
      mustache
      rdiscount

GEM
  remote: http://rubygems.org/
  specs:
    daemons (1.1.0)
    eventmachine (0.12.10)
    mustache (0.98.0)
    rack (1.2.1)
    rdiscount (1.6.8)
    thin (1.2.8)
      daemons (>= 1.0.9)
      eventmachine (>= 0.12.6)
      rack (>= 1.0.0)

PLATFORMS
  ruby

DEPENDENCIES
  rdiscount
  rocco!
  thin
