GIT
  remote: git://github.com/gr2m/rocco.git
  revision: 59493bb3c1420e29fc3f346fe8f9b352e66578fb
  specs:
    rocco (0.5)
      mustache
      rdiscount

GEM
  remote: http://rubygems.org/
  specs:
    mustache (0.99.1)
    rdiscount (1.6.8)

PLATFORMS
  ruby

DEPENDENCIES
  rdiscount
  rocco!
