GIT
  remote: git://github.com/gr2m/rocco.git
  revision: e8da92867a21bad310c698a6c0226d117d66f135
  specs:
    rocco (0.5)
      mustache
      rdiscount

GEM
  remote: http://rubygems.org/
  specs:
    mustache (0.98.0)
    rdiscount (1.6.8)

PLATFORMS
  ruby

DEPENDENCIES
  rdiscount
  rocco!
