GIT
  remote: git://github.com/gr2m/rocco.git
  revision: 5c0a6887ef84c7ed06c500f90a06025fa983e37d
  specs:
    rocco (0.5)
      mustache
      rdiscount

GEM
  remote: http://rubygems.org/
  specs:
    mustache (0.98.0)
    rdiscount (1.6.8)

PLATFORMS
  ruby

DEPENDENCIES
  rdiscount
  rocco!
