GIT
  remote: git://github.com/gr2m/rocco.git
  revision: 83985f1cbfab98b4cadac28be12696835c4e1eaa
  specs:
    rocco (0.5)
      mustache
      rdiscount

GEM
  remote: http://rubygems.org/
  specs:
    mustache (0.98.0)
    rdiscount (1.6.8)

PLATFORMS
  ruby

DEPENDENCIES
  rdiscount
  rocco!
